GEM
  remote: https://rubygems.org/
  specs:
    ast (2.2.0)
    backports (3.6.8)
    eventmachine (1.2.0.1)
    multi_json (1.11.2)
    mysql2 (0.4.3)
    parser (2.3.0.7)
      ast (~> 2.2)
    powerpack (0.1.1)
    puma (3.2.0)
    rack (1.6.4)
    rack-protection (1.5.3)
      rack
    rack-test (0.6.3)
      rack (>= 1.0)
    rainbow (2.1.0)
    rake (11.1.2)
    rubocop (0.39.0)
      parser (>= 2.3.0.7, < 3.0)
      powerpack (~> 0.1)
      rainbow (>= 1.99.1, < 3.0)
      ruby-progressbar (~> 1.7)
      unicode-display_width (~> 1.0, >= 1.0.1)
    ruby-progressbar (1.7.5)
    shotgun (0.9.1)
      rack (>= 1.0)
    sinatra (1.4.7)
      rack (~> 1.5)
      rack-protection (~> 1.4)
      tilt (>= 1.3, < 3)
    sinatra-config-file (1.0)
      sinatra-contrib
    sinatra-contrib (1.4.6)
      backports (>= 2.0)
      multi_json
      rack-protection
      rack-test
      sinatra (~> 1.4.0)
      tilt (>= 1.3, < 3)
    tilt (2.0.2)
    unicode-display_width (1.0.2)

PLATFORMS
  ruby

DEPENDENCIES
  eventmachine
  mysql2
  puma
  rake
  rubocop
  shotgun
  sinatra
  sinatra-config-file

BUNDLED WITH
   1.11.2
